GEM
  remote: https://rubygems.org/
  specs:
    airbrussh (1.5.2)
      sshkit (>= 1.6.1, != 1.7.0)
    base64 (0.2.0)
    bcrypt_pbkdf (1.1.1)
    bcrypt_pbkdf (1.1.1-arm64-darwin)
    bundler-audit (0.9.1)
      bundler (>= 1.2.0, < 3)
      thor (~> 1.0)
    capistrano (3.19.0)
      airbrussh (>= 1.0.0)
      i18n
      rake (>= 10.0.0)
      sshkit (>= 1.9.0)
    capistrano-bundle_audit (0.4.0)
      bundler-audit (~> 0.5)
      capistrano (~> 3.0)
      capistrano-bundler (>= 1.4)
    capistrano-bundler (2.1.0)
      capistrano (~> 3.1)
    capistrano-maintenance (1.2.1)
      capistrano (>= 3.0)
    capistrano-one_time_key (0.2.0)
      capistrano (~> 3.0)
    capistrano-shared_configs (0.2.2)
    concurrent-ruby (1.3.3)
    dlss-capistrano-docker (1.1.1)
      bcrypt_pbkdf
      capistrano (~> 3.0)
      capistrano-bundle_audit (>= 0.3.0)
      capistrano-one_time_key
      capistrano-shared_configs
      ed25519
    ed25519 (1.3.0)
    i18n (1.14.5)
      concurrent-ruby (~> 1.0)
    net-scp (4.0.0)
      net-ssh (>= 2.6.5, < 8.0.0)
    net-sftp (4.0.0)
      net-ssh (>= 5.0.0, < 8.0.0)
    net-ssh (7.2.3)
    rake (13.2.1)
    sshkit (1.23.0)
      base64
      net-scp (>= 1.1.2)
      net-sftp (>= 2.1.2)
      net-ssh (>= 2.8.0)
    thor (1.3.1)

PLATFORMS
  arm64-darwin-23
  ruby

DEPENDENCIES
  capistrano
  capistrano-maintenance (~> 1.2)
  dlss-capistrano-docker
  rake

BUNDLED WITH
   2.5.14
